GEM
  remote: https://rubygems.org/
  specs:
    ast (2.3.0)
    celluloid (0.17.3)
      celluloid-essentials
      celluloid-extras
      celluloid-fsm
      celluloid-pool
      celluloid-supervision
      timers (>= 4.1.1)
    celluloid-essentials (0.20.5)
      timers (>= 4.1.1)
    celluloid-extras (0.20.5)
      timers (>= 4.1.1)
    celluloid-fsm (0.20.5)
      timers (>= 4.1.1)
    celluloid-pool (0.20.5)
      timers (>= 4.1.1)
    celluloid-supervision (0.20.6)
      timers (>= 4.1.1)
    daemons (1.2.4)
    domain_name (0.5.20161021)
      unf (>= 0.0.5, < 1.0.0)
    eventmachine (1.2.1)
    eventmachine (1.2.1-java)
    fakeweb (1.3.0)
    git-version-bump (0.15.1)
    hitimes (1.2.4)
    hitimes (1.2.4-java)
    http-cookie (1.0.3)
      domain_name (~> 0.5)
    mechanize (2.7.5)
      domain_name (~> 0.5, >= 0.5.1)
      http-cookie (~> 1.0)
      mime-types (>= 1.17.2)
      net-http-digest_auth (~> 1.1, >= 1.1.1)
      net-http-persistent (~> 2.5, >= 2.5.2)
      nokogiri (~> 1.6)
      ntlm-http (~> 0.1, >= 0.1.1)
      webrobots (>= 0.0.9, < 0.2)
    mime-types (3.1)
      mime-types-data (~> 3.2015)
    mime-types-data (3.2016.0521)
    mini_portile2 (2.1.0)
    minitest (5.9.1)
    multi_json (1.12.1)
    net-http-digest_auth (1.4)
    net-http-persistent (2.9.4)
    nokogiri (1.6.8.1)
      mini_portile2 (~> 2.1.0)
    nokogiri (1.6.8.1-java)
    ntlm-http (0.1.1)
    parser (2.3.2.0)
      ast (~> 2.2)
    powerpack (0.1.1)
    racc (1.4.14)
    rack (1.6.5)
    rack-contrib (1.4.0)
      git-version-bump (~> 0.15)
      rack (~> 1.4)
    rainbow (2.1.0)
    rake (11.3.0)
    rubocop (0.45.0)
      parser (>= 2.3.1.1, < 3.0)
      powerpack (~> 0.1)
      rainbow (>= 1.99.1, < 3.0)
      ruby-progressbar (~> 1.7)
      unicode-display_width (~> 1.0, >= 1.0.1)
    ruby-progressbar (1.8.1)
    rubysl-logger (2.1.0)
    rubysl-mutex_m (2.0.0)
    rubysl-open3 (2.0.0)
    rubysl-optparse (2.0.1)
      rubysl-shellwords (~> 2.0)
    rubysl-shellwords (2.0.0)
    rubysl-singleton (2.0.0)
    slop (4.4.1)
    table_print (1.5.6)
    thin (1.7.0)
      daemons (~> 1.0, >= 1.0.9)
      eventmachine (~> 1.0, >= 1.0.4)
      rack (>= 1, < 3)
    timecop (0.8.1)
    timers (4.1.1)
      hitimes
    unf (0.1.4)
      unf_ext
    unf (0.1.4-java)
    unf_ext (0.0.7.2)
    unicode-display_width (1.1.1)
    webrobots (0.1.2)

PLATFORMS
  java
  ruby

DEPENDENCIES
  celluloid
  fakeweb
  mechanize
  mime-types
  minitest
  multi_json
  racc
  rack-contrib
  rake
  rubocop
  rubysl-logger
  rubysl-mutex_m
  rubysl-open3
  rubysl-optparse
  rubysl-singleton
  slop (~> 4)
  table_print
  thin
  timecop

BUNDLED WITH
   1.13.6
