GEM
  remote: https://rubygems.org/
  specs:
    celluloid (0.16.0)
      timers (~> 4.0.0)
    daemons (1.2.2)
    domain_name (0.5.24)
      unf (>= 0.0.5, < 1.0.0)
    eventmachine (1.0.7)
    eventmachine (1.0.7-java)
    fakeweb (1.3.0)
    hitimes (1.2.2)
    hitimes (1.2.2-java)
    http-cookie (1.0.2)
      domain_name (~> 0.5)
    mechanize (2.7.3)
      domain_name (~> 0.5, >= 0.5.1)
      http-cookie (~> 1.0)
      mime-types (~> 2.0)
      net-http-digest_auth (~> 1.1, >= 1.1.1)
      net-http-persistent (~> 2.5, >= 2.5.2)
      nokogiri (~> 1.4)
      ntlm-http (~> 0.1, >= 0.1.1)
      webrobots (>= 0.0.9, < 0.2)
    mime-types (2.5)
    mini_portile (0.6.2)
    minitest (5.6.1)
    multi_json (1.11.0)
    net-http-digest_auth (1.4)
    net-http-persistent (2.9.4)
    nokogiri (1.6.6.2)
      mini_portile (~> 0.6.0)
    nokogiri (1.6.6.2-java)
    ntlm-http (0.1.1)
    racc (1.4.12)
    rack (1.6.0)
    rack-contrib (1.2.0)
      rack (>= 0.9.1)
    rake (10.4.2)
    rubysl-logger (2.1.0)
    rubysl-mutex_m (2.0.0)
    rubysl-open3 (2.0.0)
    rubysl-optparse (2.0.1)
      rubysl-shellwords (~> 2.0)
    rubysl-shellwords (2.0.0)
    rubysl-singleton (2.0.0)
    slop (4.1.0)
    table_print (1.5.3)
    thin (1.6.3)
      daemons (~> 1.0, >= 1.0.9)
      eventmachine (~> 1.0)
      rack (~> 1.0)
    timecop (0.7.3)
    timers (4.0.1)
      hitimes
    unf (0.1.4)
      unf_ext
    unf (0.1.4-java)
    unf_ext (0.0.7.1)
    webrobots (0.1.1)

PLATFORMS
  java
  ruby

DEPENDENCIES
  celluloid
  fakeweb
  mechanize
  mime-types
  minitest
  multi_json
  racc
  rack-contrib
  rake
  rubysl-logger
  rubysl-mutex_m
  rubysl-open3
  rubysl-optparse
  rubysl-singleton
  slop (~> 4)
  table_print
  thin
  timecop
